PATH
  remote: .
  specs:
    mongify (0.0.4)
      activerecord (>= 2.3.10)
      activesupport (>= 2.3.10)
      bson_ext (>= 1.1.5)
      mongo (>= 1.1.5)
      net-ssh (>= 2.0)

GEM
  remote: http://rubygems.org/
  specs:
    activerecord (2.3.10)
      activesupport (= 2.3.10)
    activesupport (2.3.10)
    bson (1.1.5)
    bson_ext (1.1.5)
    builder (3.0.0)
    cucumber (0.10.0)
      builder (>= 2.1.2)
      diff-lcs (~> 1.1.2)
      gherkin (~> 2.3.2)
      json (~> 1.4.6)
      term-ansicolor (~> 1.0.5)
    diff-lcs (1.1.2)
    gherkin (2.3.3)
      json (~> 1.4.6)
    json (1.4.6)
    mocha (0.9.10)
      rake
    mongo (1.1.5)
      bson (>= 1.1.5)
    mysql (2.8.1)
    net-ssh (2.0.23)
    rake (0.8.7)
    rcov (0.9.9)
    rspec (2.4.0)
      rspec-core (~> 2.4.0)
      rspec-expectations (~> 2.4.0)
      rspec-mocks (~> 2.4.0)
    rspec-core (2.4.0)
    rspec-expectations (2.4.0)
      diff-lcs (~> 1.1.2)
    rspec-mocks (2.4.0)
    sqlite3-ruby (1.3.2)
    term-ansicolor (1.0.5)
    watchr (0.7)
    yard (0.6.4)

PLATFORMS
  ruby

DEPENDENCIES
  activerecord (>= 2.3.10)
  activesupport (>= 2.3.10)
  bson_ext (>= 1.1.5)
  cucumber (>= 0.10)
  mocha (>= 0.9.8)
  mongify!
  mongo (>= 1.1.5)
  mysql (>= 2.8.1)
  net-ssh (>= 2.0)
  rcov (>= 0.9.9)
  rspec (>= 2.0)
  sqlite3-ruby (>= 1.3)
  watchr (>= 0.6)
  yard (>= 0.5.3)
