PATH
  remote: .
  specs:
    mongify (0.0.2)
      activerecord (>= 2.3)
      net-ssh (>= 2.0)

GEM
  remote: http://rubygems.org/
  specs:
    activemodel (3.0.3)
      activesupport (= 3.0.3)
      builder (~> 2.1.2)
      i18n (~> 0.4)
    activerecord (3.0.3)
      activemodel (= 3.0.3)
      activesupport (= 3.0.3)
      arel (~> 2.0.2)
      tzinfo (~> 0.3.23)
    activesupport (3.0.3)
    arel (2.0.6)
    builder (2.1.2)
    git (1.2.5)
    i18n (0.5.0)
    jeweler (1.5.1)
      bundler (~> 1.0.0)
      git (>= 1.2.5)
      rake
    mocha (0.9.10)
      rake
    mysql (2.8.1)
    net-ssh (2.0.23)
    rake (0.8.7)
    rspec (1.3.0)
    sqlite3-ruby (1.3.2)
    tzinfo (0.3.23)
    watchr (0.7)
    yard (0.6.3)

PLATFORMS
  ruby

DEPENDENCIES
  activerecord (>= 2.3)
  jeweler (>= 1.4)
  mocha (>= 0.9.8)
  mongify!
  mysql (>= 2.8.1)
  net-ssh (>= 2.0)
  rspec (= 1.3)
  sqlite3-ruby (>= 1.3)
  watchr (>= 0.6)
  yard (>= 0.5.3)
