PATH
  remote: .
  specs:
    mongify (0.1.2)
      activerecord (>= 3.0.3)
      activesupport (>= 3.0.3)
      bson_ext (>= 1.1.5)
      mongo (>= 1.1.5)
      mysql2
      net-ssh (>= 2.0)
      progressbar (>= 0.9)

GEM
  remote: http://rubygems.org/
  specs:
    activemodel (3.0.3)
      activesupport (= 3.0.3)
      builder (~> 2.1.2)
      i18n (~> 0.4)
    activerecord (3.0.3)
      activemodel (= 3.0.3)
      activesupport (= 3.0.3)
      arel (~> 2.0.2)
      tzinfo (~> 0.3.23)
    activesupport (3.0.3)
    arel (2.0.7)
    bson (1.2.0)
    bson_ext (1.2.0)
    builder (2.1.2)
    cucumber (0.10.0)
      builder (>= 2.1.2)
      diff-lcs (~> 1.1.2)
      gherkin (~> 2.3.2)
      json (~> 1.4.6)
      term-ansicolor (~> 1.0.5)
    diff-lcs (1.1.2)
    gherkin (2.3.3)
      json (~> 1.4.6)
    i18n (0.5.0)
    json (1.4.6)
    mocha (0.9.10)
      rake
    mongo (1.2.0)
      bson (>= 1.2.0)
    mysql (2.8.1)
    mysql2 (0.2.6)
    net-ssh (2.1.0)
    progressbar (0.9.0)
    rake (0.8.7)
    rcov (0.9.9)
    rspec (2.4.0)
      rspec-core (~> 2.4.0)
      rspec-expectations (~> 2.4.0)
      rspec-mocks (~> 2.4.0)
    rspec-core (2.4.0)
    rspec-expectations (2.4.0)
      diff-lcs (~> 1.1.2)
    rspec-mocks (2.4.0)
    sqlite3 (1.3.3)
    sqlite3-ruby (1.3.3)
      sqlite3 (>= 1.3.3)
    term-ansicolor (1.0.5)
    tzinfo (0.3.24)
    watchr (0.7)
    yard (0.6.4)

PLATFORMS
  ruby

DEPENDENCIES
  cucumber (>= 0.10)
  mocha (>= 0.9.8)
  mongify!
  mysql (>= 2.8.1)
  rcov (>= 0.9.9)
  rspec (>= 2.0)
  sqlite3-ruby (>= 1.3)
  watchr (>= 0.6)
  yard (>= 0.5.3)
