PATH
  remote: .
  specs:
    mongify (0.0.2)
      activerecord (>= 2.3)
      net-ssh (>= 2.0)

GEM
  remote: http://rubygems.org/
  specs:
    activerecord (2.3.8)
      activesupport (= 2.3.8)
    activesupport (2.3.8)
    mocha (0.9.8)
      rake
    mysql (2.8.1)
    net-ssh (2.0.23)
    rake (0.8.7)
    rspec (1.3.0)
    sqlite3-ruby (1.3.1)
    watchr (0.6)
    yard (0.5.8)

PLATFORMS
  ruby

DEPENDENCIES
  activerecord (>= 2.3)
  mocha (>= 0.9.8)
  mongify!
  mysql (>= 2.8.1)
  net-ssh (>= 2.0)
  rspec (= 1.3)
  sqlite3-ruby (>= 1.3)
  watchr (>= 0.6)
  yard (>= 0.5.3)
