PATH
  remote: .
  specs:
    mongify (0.0.2)
      activerecord (>= 2.3)
      activerecord (>= 2.3)
      activerecord (>= 2.3)
      net-ssh (>= 2.0)
      net-ssh (>= 2.0)
      net-ssh (>= 2.0)

GEM
  remote: http://rubygems.org/
  specs:
    activerecord (2.3.10)
      activesupport (= 2.3.10)
    activesupport (2.3.10)
    builder (3.0.0)
    cucumber (0.10.0)
      builder (>= 2.1.2)
      diff-lcs (~> 1.1.2)
      gherkin (~> 2.3.2)
      json (~> 1.4.6)
      term-ansicolor (~> 1.0.5)
    diff-lcs (1.1.2)
    gherkin (2.3.2)
      json (~> 1.4.6)
      term-ansicolor (~> 1.0.5)
    git (1.2.5)
    jeweler (1.5.1)
      bundler (~> 1.0.0)
      git (>= 1.2.5)
      rake
    json (1.4.6)
    mocha (0.9.10)
      rake
    mysql (2.8.1)
    net-ssh (2.0.23)
    rake (0.8.7)
    rspec (1.3.0)
    sqlite3-ruby (1.3.2)
    term-ansicolor (1.0.5)
    watchr (0.7)
    yard (0.6.3)

PLATFORMS
  ruby

DEPENDENCIES
  activerecord (>= 2.3)
  cucumber (>= 0.10)
  jeweler (>= 1.4)
  mocha (>= 0.9.8)
  mongify!
  mysql (>= 2.8.1)
  net-ssh (>= 2.0)
  rspec (= 1.3)
  sqlite3-ruby (>= 1.3)
  watchr (>= 0.6)
  yard (>= 0.5.3)
