PATH
  remote: .
  specs:
    mongify (0.1.4)
      activerecord (>= 3.0.3)
      activesupport (>= 3.0.3)
      bson_ext (>= 1.1.5)
      highline (>= 1.6.1)
      mongo (>= 1.1.5)
      mysql2
      net-ssh (>= 2.0)

GEM
  remote: http://rubygems.org/
  specs:
    activemodel (3.0.6)
      activesupport (= 3.0.6)
      builder (~> 2.1.2)
      i18n (~> 0.5.0)
    activerecord (3.0.6)
      activemodel (= 3.0.6)
      activesupport (= 3.0.6)
      arel (~> 2.0.2)
      tzinfo (~> 0.3.23)
    activesupport (3.0.6)
    arel (2.0.9)
    bson (1.3.0)
    bson_ext (1.3.0)
    builder (2.1.2)
    cucumber (0.10.0)
      builder (>= 2.1.2)
      diff-lcs (~> 1.1.2)
      gherkin (~> 2.3.2)
      json (~> 1.4.6)
      term-ansicolor (~> 1.0.5)
    diff-lcs (1.1.2)
    gherkin (2.3.3)
      json (~> 1.4.6)
    highline (1.6.1)
    i18n (0.5.0)
    json (1.4.6)
    mocha (0.9.12)
    mongo (1.3.0)
      bson (>= 1.3.0)
    mysql (2.8.1)
    mysql2 (0.2.7)
    net-ssh (2.1.4)
    rake (0.8.7)
    rcov (0.9.9)
    rspec (2.5.0)
      rspec-core (~> 2.5.0)
      rspec-expectations (~> 2.5.0)
      rspec-mocks (~> 2.5.0)
    rspec-core (2.5.1)
    rspec-expectations (2.5.0)
      diff-lcs (~> 1.1.2)
    rspec-mocks (2.5.0)
    sqlite3 (1.3.3)
    sqlite3-ruby (1.3.3)
      sqlite3 (>= 1.3.3)
    term-ansicolor (1.0.5)
    tzinfo (0.3.26)
    watchr (0.7)
    yard (0.6.4)

PLATFORMS
  ruby

DEPENDENCIES
  cucumber (>= 0.10)
  mocha (>= 0.9.8)
  mongify!
  mysql (>= 2.8.1)
  rake
  rcov (>= 0.9.9)
  rspec (>= 2.0)
  sqlite3-ruby (>= 1.3)
  watchr (>= 0.6)
  yard (>= 0.5.3)
